GEM
  remote: https://rubygems.org/
  specs:
    awesome_print (1.9.2)
    faraday (2.7.4)
      faraday-net_http (>= 2.0, < 3.1)
      ruby2_keywords (>= 0.0.4)
    faraday-net_http (3.0.2)
    ruby2_keywords (0.0.5)

PLATFORMS
  x64-mingw-ucrt

DEPENDENCIES
  awesome_print
  faraday

BUNDLED WITH
   2.3.26
